GIT
  remote: git@github.com:jmcaffee/rakeutils.git
  revision: 66efdbb6896d3af0400d17d778dcfc48a5884e62
  specs:
    rakeutils (0.1.0)
      ktutils

GEM
  remote: https://rubygems.org/
  specs:
    ktutils (0.0.3)
    rake (10.4.2)

PLATFORMS
  ruby

DEPENDENCIES
  rake
  rakeutils!
