GEM
  remote: https://rubygems.org/
  specs:
    bluecloth (2.2.0)
    byebug (3.5.1)
      columnize (~> 0.8)
      debugger-linecache (~> 1.2)
      slop (~> 3.6)
    coderay (1.1.0)
    columnize (0.9.0)
    debugger-linecache (1.2.0)
    ktutils (0.0.3)
    method_source (0.8.2)
    mini_portile (0.6.2)
    nokogiri (1.6.6.2)
      mini_portile (~> 0.6.0)
    pry (0.10.1)
      coderay (~> 1.1.0)
      method_source (~> 0.8.1)
      slop (~> 3.4)
    pry-byebug (3.0.1)
      byebug (~> 3.4)
      pry (~> 0.10)
    rake (10.4.2)
    rakeutils (0.1.1)
      ktutils
    slop (3.6.0)
    tartancloth (0.0.2)
      bluecloth (~> 2.2, >= 2.2.0)
      nokogiri (~> 1.5, >= 1.5.6)

PLATFORMS
  ruby

DEPENDENCIES
  pry
  pry-byebug
  rake
  rakeutils
  tartancloth

BUNDLED WITH
   1.11.2
